GEM
  remote: https://rubygems.org/
  specs:
    ProMotion (2.2.1)
      methadone (~> 1.7)
    bubble-wrap (1.7.1)
      bubble-wrap-http (= 1.7.1)
    bubble-wrap-http (1.7.1)
    methadone (1.8.0)
      bundler
    rake (10.4.2)

PLATFORMS
  ruby

DEPENDENCIES
  ProMotion (~> 2.0)
  bubble-wrap
  rake
